GIT
  remote: https://github.com/prysmex/super_hash.git
  revision: 01a72ad067bda747721e869cfb189555623a2bef
  specs:
    super_hash (0.3.0)
      dry-types

PATH
  remote: .
  specs:
    json_schema_form (0.15.5)
      activesupport (~> 6)
      dry-schema (~> 1.13)
      json_schemer (= 0.2.17)
      super_hash (~> 0.3)

GEM
  remote: https://rubygems.org/
  specs:
    activesupport (6.1.7.3)
      concurrent-ruby (~> 1.0, >= 1.0.2)
      i18n (>= 1.6, < 2)
      minitest (>= 5.1)
      tzinfo (~> 2.0)
      zeitwerk (~> 2.3)
    ansi (1.5.0)
    builder (3.2.4)
    concurrent-ruby (1.2.2)
    debug (1.7.1)
      irb (>= 1.5.0)
      reline (>= 0.3.1)
    dry-configurable (1.1.0)
      dry-core (~> 1.0, < 2)
      zeitwerk (~> 2.6)
    dry-core (1.0.1)
      concurrent-ruby (~> 1.0)
      zeitwerk (~> 2.6)
    dry-inflector (1.0.0)
    dry-initializer (3.1.1)
    dry-logic (1.5.0)
      concurrent-ruby (~> 1.0)
      dry-core (~> 1.0, < 2)
      zeitwerk (~> 2.6)
    dry-schema (1.13.3)
      concurrent-ruby (~> 1.0)
      dry-configurable (~> 1.0, >= 1.0.1)
      dry-core (~> 1.0, < 2)
      dry-initializer (~> 3.0)
      dry-logic (>= 1.4, < 2)
      dry-types (>= 1.7, < 2)
      zeitwerk (~> 2.6)
    dry-types (1.7.1)
      concurrent-ruby (~> 1.0)
      dry-core (~> 1.0)
      dry-inflector (~> 1.0)
      dry-logic (~> 1.4)
      zeitwerk (~> 2.6)
    ecma-re-validator (0.4.0)
      regexp_parser (~> 2.2)
    hana (1.3.7)
    i18n (1.13.0)
      concurrent-ruby (~> 1.0)
    io-console (0.6.0)
    irb (1.6.2)
      reline (>= 0.3.0)
    json_schemer (0.2.17)
      ecma-re-validator (~> 0.3)
      hana (~> 1.3)
      regexp_parser (~> 2.0)
      uri_template (~> 0.7)
    minitest (5.14.4)
    minitest-reporters (1.6.1)
      ansi
      builder
      minitest (>= 5.0)
      ruby-progressbar
    rake (13.1.0)
    regexp_parser (2.5.0)
    reline (0.3.2)
      io-console (~> 0.5)
    ruby-progressbar (1.13.0)
    tzinfo (2.0.6)
      concurrent-ruby (~> 1.0)
    uri_template (0.7.0)
    zeitwerk (2.6.12)

PLATFORMS
  ruby

DEPENDENCIES
  bundler (= 2.4.22)
  debug (>= 1.0.0)
  json_schema_form!
  minitest (~> 5.14)
  minitest-reporters (~> 1.6)
  rake (~> 13.1)
  super_hash (>= 0.2.0)!

BUNDLED WITH
   2.4.22
