GIT
  remote: https://github.com/prysmex/super_hash.git
  revision: 30c64a75599d9b45653d204162361895e4ff8c70
  specs:
    super_hash (0.1.4)
      dry-types

PATH
  remote: .
  specs:
    json_schema_form (0.2.3)
      dry-schema (= 1.6.1)
      super_hash (= 0.1.4)

GEM
  remote: https://rubygems.org/
  specs:
    ansi (1.5.0)
    builder (3.2.4)
    concurrent-ruby (1.1.8)
    dry-configurable (0.12.1)
      concurrent-ruby (~> 1.0)
      dry-core (~> 0.5, >= 0.5.0)
    dry-container (0.7.2)
      concurrent-ruby (~> 1.0)
      dry-configurable (~> 0.1, >= 0.1.3)
    dry-core (0.5.0)
      concurrent-ruby (~> 1.0)
    dry-inflector (0.2.0)
    dry-initializer (3.0.4)
    dry-logic (1.1.0)
      concurrent-ruby (~> 1.0)
      dry-core (~> 0.5, >= 0.5)
    dry-schema (1.6.1)
      concurrent-ruby (~> 1.0)
      dry-configurable (~> 0.8, >= 0.8.3)
      dry-core (~> 0.5, >= 0.5)
      dry-initializer (~> 3.0)
      dry-logic (~> 1.0)
      dry-types (~> 1.5)
    dry-types (1.5.1)
      concurrent-ruby (~> 1.0)
      dry-container (~> 0.3)
      dry-core (~> 0.5, >= 0.5)
      dry-inflector (~> 0.1, >= 0.1.2)
      dry-logic (~> 1.0, >= 1.0.2)
    minitest (5.14.4)
    minitest-reporters (1.4.3)
      ansi
      builder
      minitest (>= 5.0)
      ruby-progressbar
    rake (13.0.1)
    ruby-progressbar (1.11.0)

PLATFORMS
  ruby

DEPENDENCIES
  bundler (~> 1.17)
  json_schema_form!
  minitest (>= 5.14)
  minitest-reporters (>= 1.4)
  rake (~> 13.0)
  super_hash (= 0.1.4)!

BUNDLED WITH
   1.17.3
